STORAGE: NONE
RESTRICTION: == net8.0
NUGET
  remote: https://www.nuget.org/api/v2
    FAKE (5.16)
    Microsoft.Win32.Registry (5.0)
      System.Security.AccessControl (>= 5.0)
      System.Security.Principal.Windows (>= 5.0)
    NAudio (2.2.1)
      NAudio.Asio (>= 2.2.1)
      NAudio.Core (>= 2.2.1)
      NAudio.Midi (>= 2.2.1)
      NAudio.Wasapi (>= 2.2.1)
      NAudio.WinMM (>= 2.2.1)
    NAudio.Asio (2.2.1)
      Microsoft.Win32.Registry (>= 4.7)
      NAudio.Core (>= 2.2.1)
    NAudio.Core (2.2.1)
    NAudio.Midi (2.2.1)
      NAudio.Core (>= 2.2.1)
    NAudio.Wasapi (2.2.1)
      NAudio.Core (>= 2.2.1)
    NAudio.WinMM (2.2.1)
      Microsoft.Win32.Registry (>= 4.7)
      NAudio.Core (>= 2.2.1)
    runtime.linux-arm.runtime.native.System.IO.Ports (8.0)
    runtime.linux-arm64.runtime.native.System.IO.Ports (8.0)
    runtime.linux-x64.runtime.native.System.IO.Ports (8.0)
    runtime.native.System.IO.Ports (8.0)
      runtime.linux-arm.runtime.native.System.IO.Ports (>= 8.0)
      runtime.linux-arm64.runtime.native.System.IO.Ports (>= 8.0)
      runtime.linux-x64.runtime.native.System.IO.Ports (>= 8.0)
      runtime.osx-arm64.runtime.native.System.IO.Ports (>= 8.0)
      runtime.osx-x64.runtime.native.System.IO.Ports (>= 8.0)
    runtime.osx-arm64.runtime.native.System.IO.Ports (8.0)
    runtime.osx-x64.runtime.native.System.IO.Ports (8.0)
    System.IO.Ports (8.0)
      runtime.native.System.IO.Ports (>= 8.0)
    System.Security.AccessControl (6.0)
    System.Security.Principal.Windows (5.0)

GROUP full
GENERATE-LOAD-SCRIPTS: ON
STORAGE: NONE
RESTRICTION: || (== net8.0) (== netstandard2.0) (== netstandard2.1)
NUGET
  remote: https://api.nuget.org/v3/index.json
    Fable.Browser.Blob (1.3)
      Fable.Core (>= 3.0)
      FSharp.Core (>= 4.7.2)
    Fable.Browser.Dom (2.16)
      Fable.Browser.Blob (>= 1.3)
      Fable.Browser.Event (>= 1.5)
      Fable.Browser.WebStorage (>= 1.2)
      Fable.Core (>= 3.2.8)
      FSharp.Core (>= 4.7.2)
    Fable.Browser.Event (1.5)
      Fable.Browser.Gamepad (>= 1.1)
      Fable.Core (>= 3.0)
      FSharp.Core (>= 4.7.2)
    Fable.Browser.Gamepad (1.2)
      Fable.Core (>= 3.0)
      FSharp.Core (>= 4.7.2)
    Fable.Browser.WebStorage (1.2)
      Fable.Browser.Event (>= 1.5)
      Fable.Core (>= 3.0)
      FSharp.Core (>= 4.7.2)
    Fable.Core (4.3)
    Fable.React (9.3)
      Fable.React.Types (>= 18.3)
      Fable.ReactDom.Types (>= 18.2)
      FSharp.Core (>= 4.7.2)
    Fable.React.Types (18.3)
      Fable.Browser.Dom (>= 2.4.4)
      Fable.Core (>= 3.2.7)
      FSharp.Core (>= 4.7.2)
    Fable.ReactDom.Types (18.2)
      Fable.React.Types (>= 18.3)
      FSharp.Core (>= 4.7.2)
    FAKE.Core (5.16)
    Fake.Core.Context (6.0)
      FSharp.Core (>= 6.0.3)
    Fake.Core.Environment (6.0)
      FSharp.Core (>= 6.0.3)
    Fake.Core.FakeVar (6.0)
      Fake.Core.Context (>= 6.0)
      FSharp.Core (>= 6.0.3)
    Fake.Core.Process (6.0)
      Fake.Core.Environment (>= 6.0)
      Fake.Core.FakeVar (>= 6.0)
      Fake.Core.String (>= 6.0)
      Fake.Core.Trace (>= 6.0)
      Fake.IO.FileSystem (>= 6.0)
      FSharp.Core (>= 6.0.3)
      System.Collections.Immutable (>= 6.0)
    Fake.Core.String (6.0)
      FSharp.Core (>= 6.0.3)
    Fake.Core.Trace (6.0)
      Fake.Core.Environment (>= 6.0)
      Fake.Core.FakeVar (>= 6.0)
      FSharp.Core (>= 6.0.3)
    Fake.IO.FileSystem (6.0)
      Fake.Core.String (>= 6.0)
      Fake.Core.Trace (>= 6.0)
      FSharp.Core (>= 6.0.3)
    FSharp.Compiler.Service (43.7.200) - restriction: || (== net8.0) (&& (== netstandard2.0) (>= netstandard2.1)) (== netstandard2.1)
      FSharp.Core (7.0.200)
      System.Buffers (>= 4.5.1)
      System.Collections.Immutable (>= 6.0)
      System.Diagnostics.DiagnosticSource (>= 6.0)
      System.Memory (>= 4.5.5)
      System.Reflection.Emit (>= 4.7)
      System.Reflection.Metadata (>= 6.0)
      System.Runtime.CompilerServices.Unsafe (>= 6.0)
    FSharp.Core (7.0.200)
    FSharp.Data (6.3)
      FSharp.Core (>= 5.0.1)
      FSharp.Data.Csv.Core (>= 6.3)
      FSharp.Data.Html.Core (>= 6.3)
      FSharp.Data.Http (>= 6.3)
      FSharp.Data.Json.Core (>= 6.3)
      FSharp.Data.Runtime.Utilities (>= 6.3)
      FSharp.Data.WorldBank.Core (>= 6.3)
      FSharp.Data.Xml.Core (>= 6.3)
    FSharp.Data.Csv.Core (6.3)
      FSharp.Core (>= 5.0.1)
      FSharp.Data.Runtime.Utilities (>= 6.3)
    FSharp.Data.Html.Core (6.3)
      FSharp.Core (>= 5.0.1)
      FSharp.Data.Csv.Core (>= 6.3)
      FSharp.Data.Runtime.Utilities (>= 6.3)
    FSharp.Data.Http (6.3)
      FSharp.Core (>= 5.0.1)
    FSharp.Data.Json.Core (6.3)
      FSharp.Core (>= 5.0.1)
      FSharp.Data.Http (>= 6.3)
      FSharp.Data.Runtime.Utilities (>= 6.3)
    FSharp.Data.Runtime.Utilities (6.3)
      FSharp.Core (>= 5.0.1)
      FSharp.Data.Http (>= 6.3)
    FSharp.Data.WorldBank.Core (6.3)
      FSharp.Core (>= 5.0.1)
      FSharp.Data.Http (>= 6.3)
      FSharp.Data.Json.Core (>= 6.3)
      FSharp.Data.Runtime.Utilities (>= 6.3)
    FSharp.Data.Xml.Core (6.3)
      FSharp.Core (>= 5.0.1)
      FSharp.Data.Http (>= 6.3)
      FSharp.Data.Json.Core (>= 6.3)
      FSharp.Data.Runtime.Utilities (>= 6.3)
    FSharp.Formatting (18.1.1)
      FSharp.Compiler.Service (43.7.200) - restriction: || (== net8.0) (&& (== netstandard2.0) (>= netstandard2.1)) (== netstandard2.1)
      FSharp.Core (7.0.200) - restriction: || (== net8.0) (&& (== netstandard2.0) (>= netstandard2.1)) (== netstandard2.1)
    FSharp.Text.RegexProvider (2.1)
      FSharp.Core (>= 4.3.4)
    Microsoft.NETCore.Platforms (7.0.4)
    NETStandard.Library (2.0.3)
      Microsoft.NETCore.Platforms (>= 1.1)
    Newtonsoft.Json (13.0.3)
    SixLabors.Fonts (2.0.2) - restriction: || (== net8.0) (&& (== netstandard2.0) (>= net6.0)) (&& (== netstandard2.1) (>= net6.0))
    SixLabors.ImageSharp (3.1.3)
    SixLabors.ImageSharp.Drawing (2.1.2)
      SixLabors.Fonts (>= 2.0.1) - restriction: || (== net8.0) (&& (== netstandard2.0) (>= net6.0)) (&& (== netstandard2.1) (>= net6.0))
      SixLabors.ImageSharp (>= 3.1.3) - restriction: || (== net8.0) (&& (== netstandard2.0) (>= net6.0)) (&& (== netstandard2.1) (>= net6.0))
    System.Buffers (4.5.1) - restriction: || (== net8.0) (&& (== netstandard2.0) (>= netstandard2.1)) (&& (== netstandard2.0) (>= xamarinios)) (&& (== netstandard2.0) (>= xamarinmac)) (== netstandard2.1)
    System.Collections.Immutable (8.0)
      System.Memory (>= 4.5.5) - restriction: || (&& (== net8.0) (>= net462)) (&& (== net8.0) (< net6.0)) (== netstandard2.0) (== netstandard2.1)
      System.Runtime.CompilerServices.Unsafe (>= 6.0) - restriction: || (&& (== net8.0) (>= net462)) (&& (== net8.0) (< net6.0)) (&& (== net8.0) (< net7.0)) (== netstandard2.0) (== netstandard2.1)
    System.Diagnostics.DiagnosticSource (8.0) - restriction: || (== net8.0) (&& (== netstandard2.0) (>= netstandard2.1)) (== netstandard2.1)
      System.Memory (>= 4.5.5) - restriction: || (&& (== net8.0) (>= net462)) (&& (== net8.0) (< net6.0)) (== netstandard2.0) (== netstandard2.1)
      System.Runtime.CompilerServices.Unsafe (>= 6.0) - restriction: || (&& (== net8.0) (>= net462)) (&& (== net8.0) (< net6.0)) (&& (== net8.0) (< net7.0)) (== netstandard2.0) (== netstandard2.1)
    System.Memory (4.5.5)
      System.Buffers (>= 4.5.1) - restriction: || (&& (== net8.0) (>= monotouch)) (&& (== net8.0) (>= net461)) (&& (== net8.0) (< netcoreapp2.0)) (&& (== net8.0) (< netstandard1.1)) (&& (== net8.0) (< netstandard2.0)) (&& (== net8.0) (>= xamarinios)) (&& (== net8.0) (>= xamarinmac)) (&& (== net8.0) (>= xamarintvos)) (&& (== net8.0) (>= xamarinwatchos)) (== netstandard2.0) (== netstandard2.1)
      System.Numerics.Vectors (>= 4.4) - restriction: || (&& (== net8.0) (< netcoreapp2.0)) (== netstandard2.0) (== netstandard2.1)
      System.Runtime.CompilerServices.Unsafe (>= 4.5.3) - restriction: || (&& (== net8.0) (>= monotouch)) (&& (== net8.0) (>= net461)) (&& (== net8.0) (< netcoreapp2.0)) (&& (== net8.0) (< netcoreapp2.1)) (&& (== net8.0) (< netstandard1.1)) (&& (== net8.0) (< netstandard2.0)) (&& (== net8.0) (>= uap10.1)) (&& (== net8.0) (>= xamarinios)) (&& (== net8.0) (>= xamarinmac)) (&& (== net8.0) (>= xamarintvos)) (&& (== net8.0) (>= xamarinwatchos)) (== netstandard2.0) (== netstandard2.1)
    System.Numerics.Vectors (4.5) - restriction: || (&& (== net8.0) (== netstandard2.0)) (&& (== net8.0) (< netcoreapp2.0)) (&& (== netstandard2.0) (>= netstandard2.1)) (== netstandard2.1)
    System.Reflection.Emit (4.7) - restriction: || (== net8.0) (&& (== netstandard2.0) (>= netstandard2.1)) (== netstandard2.1)
    System.Reflection.Metadata (8.0) - restriction: || (== net8.0) (&& (== netstandard2.0) (>= netstandard2.1)) (== netstandard2.1)
      System.Collections.Immutable (>= 8.0)
      System.Memory (>= 4.5.5) - restriction: || (&& (== net8.0) (>= net462)) (&& (== net8.0) (< net6.0)) (== netstandard2.0) (== netstandard2.1)
    System.Runtime.CompilerServices.Unsafe (6.0)
    System.ValueTuple (4.5)
    TaskBuilder.fs (2.1)
      FSharp.Core (>= 4.1.17)
      NETStandard.Library (>= 1.6.1)
      System.ValueTuple (>= 4.4)
    WindowsAzure.Storage (9.3.3)
      NETStandard.Library (>= 1.6.1)
      Newtonsoft.Json (>= 10.0.2)

GROUP proxy
STORAGE: NONE
RESTRICTION: || (== net6.0) (== net8.0)
NUGET
  remote: https://api.nuget.org/v3/index.json
    Microsoft.Bcl.AsyncInterfaces (8.0) - restriction: || (== net6.0) (&& (== net8.0) (>= net462)) (&& (== net8.0) (< net7.0))
    Microsoft.Bcl.TimeProvider (8.0.1) - restriction: || (== net6.0) (&& (== net8.0) (< net7.0))
      Microsoft.Bcl.AsyncInterfaces (>= 8.0) - restriction: || (== net6.0) (&& (== net8.0) (>= net462))
    System.Collections.Immutable (8.0) - restriction: || (== net6.0) (&& (== net8.0) (< net7.0))
      System.Runtime.CompilerServices.Unsafe (>= 6.0) - restriction: || (== net6.0) (&& (== net8.0) (>= net462)) (&& (== net8.0) (< net6.0)) (&& (== net8.0) (< net7.0))
    System.IO.Hashing (8.0)
    System.Runtime.CompilerServices.Unsafe (6.0) - restriction: || (== net6.0) (&& (== net8.0) (>= net462)) (&& (== net8.0) (< net6.0)) (&& (== net8.0) (< net7.0))
    Yarp.ReverseProxy (2.1)
      Microsoft.Bcl.TimeProvider (>= 8.0) - restriction: || (== net6.0) (&& (== net8.0) (< net7.0))
      System.Collections.Immutable (>= 8.0) - restriction: || (== net6.0) (&& (== net8.0) (< net7.0))
      System.IO.Hashing (>= 7.0)
